PATH
  remote: .
  specs:
    netlify (0.2.1)
      github_api
      highline
      oauth2 (>= 0.9.2)
      slop

GEM
  remote: https://rubygems.org/
  specs:
    addressable (2.3.3)
    crack (0.3.2)
    descendants_tracker (0.0.4)
      thread_safe (~> 0.3, >= 0.3.1)
    faraday (0.9.2)
      multipart-post (>= 1.2, < 3)
    github_api (0.12.2)
      addressable (~> 2.3)
      descendants_tracker (~> 0.0.4)
      faraday (~> 0.8, < 0.10)
      hashie (>= 3.3)
      multi_json (>= 1.7.5, < 2.0)
      nokogiri (~> 1.6.3)
      oauth2
    hashie (3.3.1)
    highline (1.6.21)
    jwt (2.2.1)
    mini_portile (0.6.2)
    minitest (5.0.8)
    multi_json (1.14.1)
    multi_xml (0.6.0)
    multipart-post (2.1.1)
    nokogiri (1.6.6.2)
      mini_portile (~> 0.6.0)
    oauth2 (1.4.4)
      faraday (>= 0.8, < 2.0)
      jwt (>= 1.0, < 3.0)
      multi_json (~> 1.3)
      multi_xml (~> 0.5)
      rack (>= 1.2, < 3)
    rack (2.2.3)
    slop (4.0.0)
    thread_safe (0.3.5)
    webmock (1.11.0)
      addressable (>= 2.2.7)
      crack (>= 0.3.2)

PLATFORMS
  ruby

DEPENDENCIES
  minitest
  netlify!
  webmock
